GIT
  remote: https://github.com/CocoaPods/CocoaPods.git
  revision: 400f290cb9269ea342948f629525a5542933627f
  specs:
    cocoapods (1.12.1)
      addressable (~> 2.8)
      claide (>= 1.0.2, < 2.0)
      cocoapods-core (= 1.12.1)
      cocoapods-deintegrate (>= 1.0.3, < 2.0)
      cocoapods-downloader (>= 1.6.0, < 2.0)
      cocoapods-plugins (>= 1.0.0, < 2.0)
      cocoapods-search (>= 1.0.0, < 2.0)
      cocoapods-trunk (>= 1.6.0, < 2.0)
      cocoapods-try (>= 1.1.0, < 2.0)
      colored2 (~> 3.1)
      escape (~> 0.0.4)
      fourflusher (>= 2.3.0, < 3.0)
      gh_inspector (~> 1.0)
      molinillo (~> 0.8.0)
      nap (~> 1.0)
      ruby-macho (>= 2.3.0, < 3.0)
      xcodeproj (>= 1.21.0, < 2.0)

GIT
  remote: https://github.com/CocoaPods/Core.git
  revision: 9320bf557741d7ae80eda4415bc6fb2b0b3a8b9c
  specs:
    cocoapods-core (1.12.1)
      activesupport (>= 5.0, < 8)
      addressable (~> 2.8)
      algoliasearch (~> 1.0)
      concurrent-ruby (~> 1.1)
      fuzzy_match (~> 2.0.4)
      nap (~> 1.0)
      netrc (~> 0.11)
      public_suffix (~> 4.0)
      typhoeus (~> 1.0)

GIT
  remote: https://github.com/CocoaPods/Xcodeproj.git
  revision: 2ce68b60856c4680c2b3cd7aa5b221529120c7c4
  specs:
    xcodeproj (1.22.0)
      CFPropertyList (>= 2.3.3, < 4.0)
      atomos (~> 0.1.3)
      claide (>= 1.0.2, < 2.0)
      colored2 (~> 3.1)
      nanaimo (~> 0.3.0)
      rexml (~> 3.2.4)

GIT
  remote: https://github.com/orta/cocoapods-keys.git
  revision: 818f9d287b159f8dae3a9cb7743c55256cfd83fa
  specs:
    cocoapods-keys (2.3.0)
      dotenv
      ruby-keychain

GEM
  remote: https://rubygems.org/
  specs:
    CFPropertyList (3.0.6)
      rexml
    activesupport (6.1.7.4)
      concurrent-ruby (~> 1.0, >= 1.0.2)
      i18n (>= 1.6, < 2)
      minitest (>= 5.1)
      tzinfo (~> 2.0)
      zeitwerk (~> 2.3)
    addressable (2.8.4)
      public_suffix (>= 2.0.2, < 6.0)
    algoliasearch (1.27.5)
      httpclient (~> 2.8, >= 2.8.3)
      json (>= 1.5.1)
    atomos (0.1.3)
    aws-sdk (1.67.0)
      aws-sdk-v1 (= 1.67.0)
    aws-sdk-v1 (1.67.0)
      json (~> 1.4)
      nokogiri (~> 1)
    claide (1.1.0)
    cocoapods-deintegrate (1.0.5)
    cocoapods-downloader (1.6.3)
    cocoapods-plugins (1.0.0)
      nap
    cocoapods-search (1.0.1)
    cocoapods-trunk (1.6.0)
      nap (>= 0.8, < 2.0)
      netrc (~> 0.11)
    cocoapods-try (1.2.0)
    colored2 (3.1.2)
    commander (4.6.0)
      highline (~> 2.0.0)
    concurrent-ruby (1.2.2)
    dotenv (2.8.1)
    escape (0.0.4)
    ethon (0.16.0)
      ffi (>= 1.15.0)
    faraday (0.17.6)
      multipart-post (>= 1.2, < 3)
    faraday_middleware (0.14.0)
      faraday (>= 0.7.4, < 1.0)
    ffi (1.15.5)
    fourflusher (2.3.1)
    fuzzy_match (2.0.4)
    gh_inspector (1.1.3)
    highline (2.0.3)
    httpclient (2.8.3)
    i18n (1.14.1)
      concurrent-ruby (~> 1.0)
    json (1.8.6)
    mini_portile2 (2.8.2)
    minitest (5.18.1)
    molinillo (0.8.0)
    multipart-post (2.3.0)
    nanaimo (0.3.0)
    nap (1.1.0)
    net-sftp (2.1.2)
      net-ssh (>= 2.6.5)
    net-ssh (7.1.0)
    netrc (0.11.0)
    nokogiri (1.13.10)
      mini_portile2 (~> 2.8.0)
      racc (~> 1.4)
    og-corefoundation (0.2.3)
      ffi
    plist (3.1.0)
    public_suffix (4.0.7)
    racc (1.7.1)
    rexml (3.2.5)
    rouge (2.0.7)
    ruby-keychain (0.4.0)
      ffi
      og-corefoundation (~> 0.2.0)
    ruby-macho (2.5.1)
    rubyzip (1.3.0)
    sbconstants (1.2.0)
    security (0.1.5)
    shenzhen (0.14.3)
      aws-sdk (~> 1.0)
      commander (~> 4.3)
      dotenv (>= 0.7)
      faraday (~> 0.9)
      faraday_middleware (~> 0.9)
      highline (>= 1.7.2)
      json (~> 1.8)
      net-sftp (~> 2.1.2)
      plist (~> 3.1.0)
      rubyzip (~> 1.1)
      security (~> 0.1.3)
      terminal-table (~> 1.4)
    terminal-table (1.8.0)
      unicode-display_width (~> 1.1, >= 1.1.1)
    typhoeus (1.4.0)
      ethon (>= 0.9.0)
    tzinfo (2.0.6)
      concurrent-ruby (~> 1.0)
    unicode-display_width (1.8.0)
    xcpretty (0.3.0)
      rouge (~> 2.0.7)
    zeitwerk (2.6.8)

PLATFORMS
  ruby

DEPENDENCIES
  cocoapods!
  cocoapods-core!
  cocoapods-keys!
  sbconstants
  shenzhen
  xcodeproj!
  xcpretty

BUNDLED WITH
   1.17.2
